GEM
  remote: http://rubygems.org/
  specs:
    addressable (2.3.2)
    crack (0.3.1)
    diff-lcs (1.2.1)
    faraday (0.8.7)
      multipart-post (~> 1.1)
    fastercsv (1.5.5)
    git (1.2.5)
    google_drive (0.3.6)
      nokogiri (>= 1.4.4, != 1.5.2, != 1.5.1)
      oauth (>= 0.3.6)
      oauth2 (>= 0.5.0)
    httpauth (0.2.0)
    jeweler (1.8.3)
      bundler (~> 1.0)
      git (>= 1.2.5)
      rake
      rdoc
    json (1.7.7)
    json (1.7.7-java)
    jwt (0.1.8)
      multi_json (>= 1.5)
    multi_json (1.7.3)
    multi_xml (0.5.3)
    multipart-post (1.2.0)
    nokogiri (1.5.6)
    nokogiri (1.5.6-java)
    oauth (0.4.7)
    oauth2 (0.9.1)
      faraday (~> 0.8)
      httpauth (~> 0.1)
      jwt (~> 0.1.4)
      multi_json (~> 1.0)
      multi_xml (~> 0.5)
      rack (~> 1.2)
    rack (1.5.2)
    rake (0.9.2.2)
    rdoc (3.12.2)
      json (~> 1.4)
    rspec (2.13.0)
      rspec-core (~> 2.13.0)
      rspec-expectations (~> 2.13.0)
      rspec-mocks (~> 2.13.0)
    rspec-core (2.13.1)
    rspec-expectations (2.13.0)
      diff-lcs (>= 1.1.3, < 2.0)
    rspec-mocks (2.13.0)
    ruby-ole (1.2.11.6)
    rubyzip (1.3.0)
    shoulda (3.0.1)
      shoulda-context (~> 1.0.0)
      shoulda-matchers (~> 1.0.0)
    shoulda-context (1.0.0)
    shoulda-matchers (1.0.0)
    spreadsheet (0.8.2)
      ruby-ole (>= 1.0)
    vcr (2.5.0)
    webmock (1.9.0)
      addressable (>= 2.2.7)
      crack (>= 0.1.7)

PLATFORMS
  java
  ruby

DEPENDENCIES
  fastercsv
  google_drive
  jeweler
  nokogiri
  rspec
  rubyzip
  shoulda
  spreadsheet (> 0.6.4)
  vcr
  webmock
